GEM
  remote: http://rubygems.org/
  specs:
    RedCloth (4.2.9)
    aws-s3 (0.6.3)
      builder
      mime-types
      xml-simple
    binding_of_caller (0.7.2)
      debug_inspector (>= 0.0.1)
    builder (3.2.2)
    chunky_png (1.2.5)
    classifier (1.3.3)
      fast-stemmer (>= 1.0.0)
    coderay (1.1.0)
    compass (0.12.2)
      chunky_png (~> 1.2)
      fssm (>= 0.2.7)
      sass (~> 3.1)
    debug_inspector (0.0.2)
    directory_watcher (1.4.1)
    environs (1.1.0)
    fast-stemmer (1.0.1)
    fssm (0.2.9)
    haml (3.1.7)
    jekyll (0.12.0)
      classifier (~> 1.3)
      directory_watcher (~> 1.1)
      kramdown (~> 0.13.4)
      liquid (~> 2.3)
      maruku (~> 0.5)
      pygments.rb (~> 0.3.2)
    kramdown (0.13.8)
    liquid (2.3.0)
    maruku (0.6.1)
      syntax (>= 1.0.0)
    method_source (0.8.2)
    mime-types (2.3)
    posix-spawn (0.3.6)
    pry (0.9.12.6)
      coderay (~> 1.0)
      method_source (~> 0.8)
      slop (~> 3.4)
    pry-stack_explorer (0.4.9.1)
      binding_of_caller (>= 0.7)
      pry (>= 0.9.11)
    pygments.rb (0.3.4)
      posix-spawn (~> 0.3.6)
      yajl-ruby (~> 1.1.0)
    rack (1.5.2)
    rack-protection (1.5.0)
      rack
    rake (0.9.2.2)
    rb-fsevent (0.9.1)
    rdiscount (2.0.7.3)
    rubypants (0.2.0)
    sass (3.1.20)
    sass-globbing (1.0.0)
      sass (>= 3.1)
    sinatra (1.4.2)
      rack (~> 1.5, >= 1.5.2)
      rack-protection (~> 1.4)
      tilt (~> 1.3, >= 1.3.4)
    slop (3.4.7)
    stringex (1.4.0)
    syntax (1.0.0)
    tilt (1.3.7)
    xml-simple (1.1.3)
    yajl-ruby (1.1.0)

PLATFORMS
  ruby

DEPENDENCIES
  RedCloth (~> 4.2.9)
  aws-s3
  compass (~> 0.12.2)
  environs
  haml (~> 3.1.7)
  jekyll (~> 0.12)
  liquid (~> 2.3.0)
  pry
  pry-stack_explorer
  pygments.rb (~> 0.3.4)
  rake (~> 0.9)
  rb-fsevent (~> 0.9)
  rdiscount (~> 2.0.7)
  rubypants (~> 0.2.0)
  sass-globbing (~> 1.0.0)
  sinatra (~> 1.4.2)
  stringex (~> 1.4.0)
